RESTRICTION: == net45
NUGET
  remote: https://api.nuget.org/v3/index.json
    Aardvark.Base (3.0.42)
      DevILSharp (>= 0.1.1 < 0.2)
    Aardvark.Base.Essentials (3.0.42)
      Aardvark.Base (>= 3.0.42)
      DevILSharp (>= 0.1.1 < 0.2)
      System.Collections.Immutable (>= 1.2)
      System.Reactive.Linq (>= 3.0 < 3.1)
    Aardvark.Base.FSharp (3.0.42)
      Aardvark.Base (>= 3.0.42)
      DevILSharp (>= 0.1.1 < 0.2)
      FSharp.Core (>= 4.0 < 4.1)
    Aardvark.Base.Incremental (3.0.42)
      Aardvark.Base (>= 3.0.42)
      Aardvark.Base.Essentials (>= 3.0.42)
      Aardvark.Base.FSharp (>= 3.0.42)
      DevILSharp (>= 0.1.1 < 0.2)
      FSharp.Core (>= 4.0 < 4.1)
      System.Reactive.Core (>= 3.0 < 3.1)
      System.Reactive.Interfaces (>= 3.0 < 3.1)
      System.Reactive.Linq (>= 3.0 < 3.1)
    DevILSharp (0.1.2)
      FSharp.Core (>= 4.0 < 4.1)
    FSharp.Core (4.0.0.1)
    Microsoft.NETCore.Platforms (2.0)
    NETStandard.Library (2.0.1)
      Microsoft.NETCore.Platforms (>= 1.1)
      System.Runtime.InteropServices.RuntimeInformation (>= 4.3)
    System.Collections.Immutable (1.4)
      NETStandard.Library (>= 1.6.1)
    System.Reactive.Core (3.0)
      System.Reactive.Interfaces (>= 3.0)
    System.Reactive.Interfaces (3.0)
    System.Reactive.Linq (3.0)
      System.Reactive.Core (>= 3.0)
      System.Reactive.Interfaces (>= 3.0)
    System.Runtime.InteropServices.RuntimeInformation (4.3)

GROUP Build
CONTENT: NONE
RESTRICTION: == net45
NUGET
  remote: https://api.nuget.org/v3/index.json
    FAKE (4.63.2) - content: none
    Mono.Cecil (0.10.0-beta6) - content: none
    SourceLink.Fake (1.1) - content: none
GITHUB
  remote: aardvark-platform/aardvark.fake
    FULLPROJECT (02934ce0408f1b142d08173c958a5501c36a8ff2)
      FAKE (>= 4.63 < 4.64)
      Mono.Cecil (>= 0.10.0-beta6 < 0.11)
      SourceLink.Fake (>= 1.1 < 1.2)